GEM
  remote: http://rubygems.org/
  specs:
    blankslate (2.1.2.3)
    called_from (0.1.0)
    cantor (1.2.0)
    diff-lcs (1.1.3)
    multi_json (1.0.4)
    rake (10.0.4)
    rcov (0.9.9)
    rdiscount (1.6.8)
    rspec (2.8.0)
      rspec-core (~> 2.8.0)
      rspec-expectations (~> 2.8.0)
      rspec-mocks (~> 2.8.0)
    rspec-core (2.8.0)
    rspec-expectations (2.8.0)
      diff-lcs (~> 1.1.2)
    rspec-mocks (2.8.0)
    simplecov (0.6.1)
      multi_json (~> 1.0)
      simplecov-html (~> 0.5.3)
    simplecov-html (0.5.3)
    term-ansicolor (1.0.5)
    yard (0.7.4)

PLATFORMS
  ruby

DEPENDENCIES
  blankslate
  called_from
  cantor (~> 1.2.0)
  rake
  rcov (~> 0.9.9)
  rdiscount (~> 1.6.8)
  rspec (~> 2.8.0)
  simplecov
  term-ansicolor
  yard (~> 0.7.4)
